GEM
  remote: https://rubygems.org/
  specs:
    artii (2.1.2)
    coderay (1.1.2)
    method_source (0.9.2)
    pry (0.12.2)
      coderay (~> 1.1.0)
      method_source (~> 0.9.0)

PLATFORMS
  x64-mingw32

DEPENDENCIES
  artii
  pry

BUNDLED WITH
   2.0.1
